GEM
  remote: https://rubygems.org/
  specs:
    digest-crc (0.4.1)
    mini_portile2 (2.5.1)
    nokogiri (1.11.4)
      mini_portile2 (~> 2.5.0)
      racc (~> 1.4)
    racc (1.5.2)
    rack (2.0.7)
    ruby-kafka (0.7.10)
      digest-crc

PLATFORMS
  ruby

DEPENDENCIES
  nokogiri
  rack
  ruby-kafka

BUNDLED WITH
   1.17.3
